Brain Vision Data Exchange Header File Version 1.0

[Common Infos]
DataFile=$b.acq
DataFormat=BINARY
DataOrientation=VECTORIZED
DataType=TIMEDOMAIN
NumberOfChannels=9
SamplingInterval=500
;DecimalSymbol=,

[Binary Infos]
BinaryFormat=IEEE_FLOAT_32

[Channel Infos]
Ch1=EMG,,1,mV
Ch2=Bit1,,1,Bit
Ch3=Bit2,,1,Bit
Ch4=Bit3,,1,Bit
Ch5=Bit4,,1,Bit
Ch6=Bit5,,1,Bit
Ch7=Bit6,,1,Bit
Ch8=Bit7,,1,Bit
Ch9=Marker,,1,Bits